PATH
  remote: .
  specs:
    leadlight (0.0.1)
      faraday
      fattr
      link_header
      multi_json

GEM
  remote: http://rubygems.org/
  specs:
    addressable (2.2.6)
    diff-lcs (1.1.3)
    faraday (0.7.5)
      addressable (~> 2.2.6)
      multipart-post (~> 1.1.3)
      rack (>= 1.1.0, < 2)
    fattr (2.2.0)
    link_header (0.0.5)
    multi_json (1.0.4)
    multipart-post (1.1.4)
    rack (1.4.0)
    rspec (2.7.0)
      rspec-core (~> 2.7.0)
      rspec-expectations (~> 2.7.0)
      rspec-mocks (~> 2.7.0)
    rspec-core (2.7.1)
    rspec-expectations (2.7.0)
      diff-lcs (~> 1.1.2)
    rspec-mocks (2.7.0)
    vcr (2.0.0.rc1)

PLATFORMS
  ruby

DEPENDENCIES
  leadlight!
  rspec
  vcr (~> 2.0.0.rc1)
